GEM
  remote: https://rubygems.org/
  specs:
    blankslate (3.1.3)
    byebug (11.1.3)
    coderay (1.1.3)
    ffi (1.0.11)
    method_source (1.0.0)
    pry (0.13.1)
      coderay (~> 1.1)
      method_source (~> 1.0)
    pry-byebug (3.9.0)
      byebug (~> 11.0)
      pry (~> 0.13.0)
    rubypython (0.6.4)
      blankslate (>= 2.1.2.3)
      ffi (~> 1.0.7)

PLATFORMS
  ruby

DEPENDENCIES
  pry
  pry-byebug
  rubypython

BUNDLED WITH
   2.1.4
